GEM
  remote: http://rubygems.org/
  specs:
    git (1.2.6)
    jeweler (1.6.4)
      bundler (~> 1.0)
      git (>= 1.2.5)
      rake
    mini_portile2 (2.3.0)
    nokogiri (1.8.1)
      mini_portile2 (~> 2.3.0)
    rake (10.1.1)

PLATFORMS
  ruby

DEPENDENCIES
  bundler
  jeweler
  nokogiri

BUNDLED WITH
   1.15.4
